PATH
  remote: .
  specs:
    juno-report (0.0.1)

GEM
  remote: https://rubygems.org/
  specs:

PLATFORMS
  ruby

DEPENDENCIES
  juno-report!
